PATH
  remote: ../Ruby_on_Rulers
  specs:
    rulers (0.1.3)
      erubis
      multi_json
      rack

GEM
  remote: https://rubygems.org/
  specs:
    erubis (2.7.0)
    ffi (1.10.0)
    listen (3.1.5)
      rb-fsevent (~> 0.9, >= 0.9.4)
      rb-inotify (~> 0.9, >= 0.9.7)
      ruby_dep (~> 1.2)
    multi_json (1.13.1)
    rack (2.0.7)
    rb-fsevent (0.10.3)
    rb-inotify (0.10.0)
      ffi (~> 1.0)
    rerun (0.13.0)
      listen (~> 3.0)
    ruby_dep (1.5.0)

PLATFORMS
  ruby

DEPENDENCIES
  rerun
  rulers!

BUNDLED WITH
   1.16.6
