PATH
  remote: ../Ruby_on_Rulers
  specs:
    rulers (0.1.3)
      erubis
      rack

GEM
  remote: https://rubygems.org/
  specs:
    erubis (2.7.0)
    ffi (1.9.23)
    listen (3.1.5)
      rb-fsevent (~> 0.9, >= 0.9.4)
      rb-inotify (~> 0.9, >= 0.9.7)
      ruby_dep (~> 1.2)
    rack (2.0.5)
    rb-fsevent (0.10.3)
    rb-inotify (0.9.10)
      ffi (>= 0.5.0, < 2)
    rerun (0.13.0)
      listen (~> 3.0)
    ruby_dep (1.5.0)

PLATFORMS
  ruby

DEPENDENCIES
  rerun
  rulers!

BUNDLED WITH
   1.16.2
